GEM
  remote: https://rubygems.org/
  specs:
    actionmailer (2.3.18)
      actionpack (= 2.3.18)
    actionpack (2.3.18)
      activesupport (= 2.3.18)
      rack (~> 1.1.0)
    activerecord (2.3.18)
      activesupport (= 2.3.18)
    activeresource (2.3.18)
      activesupport (= 2.3.18)
    activesupport (2.3.18)
    builder (3.2.2)
    factory_girl (1.2.3)
    hoe (3.8.0)
      rake (>= 0.8, < 11.0)
    mini_portile (0.5.2)
    nokogiri (1.6.1)
      mini_portile (~> 0.5.0)
    pg (0.12.2)
    rack (1.1.6)
    rack-test (0.6.2)
      rack (>= 1.0)
    rack_session_access (0.1.1)
      builder (>= 2.0.0)
      rack (>= 1.0.0)
    rails (2.3.18)
      actionmailer (= 2.3.18)
      actionpack (= 2.3.18)
      activerecord (= 2.3.18)
      activeresource (= 2.3.18)
      activesupport (= 2.3.18)
      rake (>= 0.8.3)
    rake (10.1.1)
    sqlite3-ruby (1.2.5)
    test-unit (1.2.3)
      hoe (>= 1.5.1)

PLATFORMS
  ruby

DEPENDENCIES
  factory_girl (= 1.2.3)
  nokogiri (= 1.6.1)
  pg (= 0.12.2)
  rack-test (= 0.6.2)
  rack_session_access (= 0.1.1)
  rails (= 2.3.18)
  sqlite3-ruby (= 1.2.5)
  test-unit (= 1.2.3)
